{
	"MagneticFieldStrength": 3,
	"Manufacturer": "GE",
	"ManufacturersModelName": "DISCOVERY_MR750",
	"SoftwareVersions": "23_LX_MR_Software_release:DV22.0_V02_1122.a",
	"SeriesDescription": "fmri_2d_epi_condition_4",
	"ScanningSequence": "EP_GR",
	"SequenceVariant": "SS",
	"ScanOptions": "SAT_GEMS_EPI_GEMS_ACC_GEMS_PFF_FS",
	"ImageType": ["ORIGINAL", "PRIMARY", "EPI", "NONE"],
	"SliceThickness": 1.5,
	"SpacingBetweenSlices": 1.5,
	"EchoTime": 0.03,
	"RepetitionTime": 3,
	"FlipAngle": 90,
	"PhaseEncodingPolarityGE": "Flipped",
	"CoilString": "32Ch_Head",
	"PercentPhaseFOV": 100,
	"AcquisitionMatrixPE": 128,
	"ReconMatrixPE": 128,
	"EffectiveEchoSpacing": 0.000736,
	"TotalReadoutTime": 0.093472,
	"PixelBandwidth": 3906.25,
	"PhaseEncodingDirection": "j",
	"SliceTiming": [
		0,
		1.5,
		0.0714,
		1.5714,
		0.1428,
		1.6428,
		0.2142,
		1.7142,
		0.2857,
		1.7857,
		0.3571,
		1.8571,
		0.4285,
		1.9285,
		0.5,
		2,
		0.5714,
		2.0714,
		0.6428,
		2.1428,
		0.7143,
		2.2142,
		0.7857,
		2.2857,
		0.8571,
		2.3571,
		0.9285,
		2.4285,
		1,
		2.5,
		1.0714,
		2.5714,
		1.1428,
		2.6428,
		1.2143,
		2.7142,
		1.2857,
		2.7857,
		1.3571,
		2.8571,
		1.4285,
		2.9285	],
	"InPlanePhaseEncodingDirectionDICOM": "COL"
}
