{
	"MagneticFieldStrength": 3,
	"Manufacturer": "GE",
	"ManufacturersModelName": "DISCOVERY_MR750",
	"SoftwareVersions": "23_LX_MR_Software_release:DV22.0_V02_1122.a",
	"SeriesDescription": "3D_T1_IR_BRAVO",
	"ScanningSequence": "GR",
	"SequenceVariant": "SS_SK",
	"ScanOptions": "FAST_GEMS_EDR_GEMS_ACC_GEMS",
	"ImageType": ["ORIGINAL", "PRIMARY", "OTHER"],
	"SliceThickness": 1.2,
	"SpacingBetweenSlices": 0.600001,
	"EchoTime": 0.003544,
	"RepetitionTime": 0.008848,
	"InversionTime": 0.4,
	"FlipAngle": 12,
	"CoilString": "32Ch_Head",
	"PercentPhaseFOV": 80,
	"AcquisitionMatrixPE": 288,
	"ReconMatrixPE": 512,
	"PixelBandwidth": 122.07,
	"InPlanePhaseEncodingDirectionDICOM": "ROW"
}
