{
	"MagneticFieldStrength": 3,
	"Manufacturer": "GE",
	"ManufacturersModelName": "DISCOVERY_MR750",
	"SoftwareVersions": "23_LX_MR_Software_release:DV22.0_V02_1122.a",
	"SeriesDescription": "fmri_2d_epi_condition_1",
	"ScanningSequence": "EP_GR",
	"SequenceVariant": "SS",
	"ScanOptions": "SAT_GEMS_EPI_GEMS_ACC_GEMS_FS",
	"ImageType": ["ORIGINAL", "PRIMARY", "EPI", "NONE"],
	"SliceThickness": 3,
	"SpacingBetweenSlices": 3,
	"EchoTime": 0.03,
	"RepetitionTime": 3,
	"FlipAngle": 90,
	"PhaseEncodingPolarityGE": "Flipped",
	"CoilString": "32Ch_Head",
	"PercentPhaseFOV": 100,
	"AcquisitionMatrixPE": 64,
	"ReconMatrixPE": 64,
	"EffectiveEchoSpacing": 0.000468,
	"TotalReadoutTime": 0.029484,
	"PixelBandwidth": 7812.5,
	"PhaseEncodingDirection": "j",
	"SliceTiming": [
		0,
		1.5,
		0.06,
		1.56,
		0.12,
		1.62,
		0.18,
		1.68,
		0.24,
		1.74,
		0.3,
		1.8,
		0.36,
		1.86,
		0.42,
		1.92,
		0.48,
		1.98,
		0.54,
		2.04,
		0.6,
		2.1,
		0.66,
		2.16,
		0.72,
		2.22,
		0.78,
		2.28,
		0.84,
		2.34,
		0.9,
		2.4,
		0.96,
		2.46,
		1.02,
		2.52,
		1.08,
		2.58,
		1.14,
		2.64,
		1.2,
		2.7,
		1.26,
		2.76,
		1.32,
		2.82,
		1.38,
		2.88,
		1.44,
		2.94	],
	"InPlanePhaseEncodingDirectionDICOM": "COL"
}
